GEM
  remote: https://rubygems.org/
  specs:
    ruby (0.1.0)

PLATFORMS
  x86_64-linux

DEPENDENCIES
  ruby

BUNDLED WITH
   2.2.3
